GIT
  remote: https://github.com/randym/axlsx.git
  revision: 776037c0fc799bb09da8c9ea47980bd3bf296874
  ref: 776037c0fc799bb09da8c9ea47980bd3bf296874
  specs:
    axlsx (2.1.0.pre)
      htmlentities (~> 4.3.4)
      mimemagic (~> 0.3)
      nokogiri (>= 1.6.6)
      rubyzip (>= 1.2.1)

GEM
  remote: https://rubygems.org/
  specs:
    actionmailer (4.2.10)
      actionpack (= 4.2.10)
      actionview (= 4.2.10)
      activejob (= 4.2.10)
      mail (~> 2.5, >= 2.5.4)
      rails-dom-testing (~> 1.0, >= 1.0.5)
    actionpack (4.2.10)
      actionview (= 4.2.10)
      activesupport (= 4.2.10)
      rack (~> 1.6)
      rack-test (~> 0.6.2)
      rails-dom-testing (~> 1.0, >= 1.0.5)
      rails-html-sanitizer (~> 1.0, >= 1.0.2)
    actionview (4.2.10)
      activesupport (= 4.2.10)
      builder (~> 3.1)
      erubis (~> 2.7.0)
      rails-dom-testing (~> 1.0, >= 1.0.5)
      rails-html-sanitizer (~> 1.0, >= 1.0.3)
    active_model_serializers (0.9.7)
      activemodel (>= 3.2)
      concurrent-ruby (~> 1.0)
    activejob (4.2.10)
      activesupport (= 4.2.10)
      globalid (>= 0.3.0)
    activemodel (4.2.10)
      activesupport (= 4.2.10)
      builder (~> 3.1)
    activerecord (4.2.10)
      activemodel (= 4.2.10)
      activesupport (= 4.2.10)
      arel (~> 6.0)
    activerecord-postgis-adapter (3.1.5)
      activerecord (~> 4.2)
      rgeo-activerecord (>= 4.0.4)
    activerecord-session_store (1.1.1)
      actionpack (>= 4.0)
      activerecord (>= 4.0)
      multi_json (~> 1.11, >= 1.11.2)
      rack (>= 1.5.2, < 3)
      railties (>= 4.0)
    activesupport (4.2.10)
      i18n (~> 0.7)
      minitest (~> 5.1)
      thread_safe (~> 0.3, >= 0.3.4)
      tzinfo (~> 1.1)
    addressable (2.5.2)
      public_suffix (>= 2.0.2, < 4.0)
    akami (1.3.1)
      gyoku (>= 0.4.0)
      nokogiri
    arel (6.0.4)
    awesome_nested_set (3.0.3)
      activerecord (>= 4.0.0, < 5)
    awesome_print (1.8.0)
    aws-sdk-v1 (1.67.0)
      json (~> 1.4)
      nokogiri (~> 1)
    axlsx_rails (0.5.1)
      actionpack (>= 3.1)
      axlsx (>= 2.0.1)
    axlsx_styler (0.1.7)
      activesupport (>= 3.1)
      axlsx (~> 2.0)
    azure (0.7.10)
      addressable (~> 2.3)
      azure-core (~> 0.1)
      faraday (~> 0.9)
      faraday_middleware (~> 0.10)
      mime-types (>= 1, < 4.0)
      nokogiri (~> 1.6)
      systemu (~> 2.6)
      thor (~> 0.19)
    azure-core (0.1.14)
      faraday (~> 0.9)
      faraday_middleware (~> 0.10)
      nokogiri (~> 1.6)
    azure-storage (0.15.0.preview)
      azure-core (~> 0.1)
      faraday (~> 0.9)
      faraday_middleware (~> 0.10)
      nokogiri (~> 1.6, >= 1.6.8)
    backports (3.11.3)
    barber (0.12.0)
      ember-source (>= 1.0, < 3.1)
      execjs (>= 1.2, < 3)
    barby (0.6.5)
    bcrypt (3.1.11)
    binding_of_caller (0.8.0)
      debug_inspector (>= 0.0.1)
    bootsnap (1.3.0)
      msgpack (~> 1.0)
    bootstrap-multiselect-rails (0.9.9)
      rails (>= 4.0.0)
    bootstrap-sass (3.0.3.0)
      sass (~> 3.2)
    bootstrap-slider-rails (1.9.0)
      railties (>= 3.2, < 5.0)
    browser (2.5.3)
    bugsnag (5.5.0)
    builder (3.2.3)
    bullet (5.7.5)
      activesupport (>= 3.0.0)
      uniform_notifier (~> 1.11.0)
    byebug (9.0.0)
    cancan (1.6.10)
    capistrano (2.15.9)
      highline
      net-scp (>= 1.0.0)
      net-sftp (>= 2.0.0)
      net-ssh (>= 2.0.14)
      net-ssh-gateway (>= 1.1.0)
    capistrano-ext (1.2.1)
      capistrano (>= 1.0.0)
    capistrano-rails (0.0.7)
      capistrano
    capistrano-sidekiq (0.10.0)
      capistrano
      sidekiq (>= 3.4)
    capybara (2.18.0)
      addressable
      mini_mime (>= 0.1.3)
      nokogiri (>= 1.3.3)
      rack (>= 1.0.0)
      rack-test (>= 0.5.4)
      xpath (>= 2.0, < 4.0)
    carmen (1.1.0)
      activesupport (>= 3.0.0)
    chronic (0.10.2)
    chunky_png (1.3.10)
    ckeditor (4.1.6)
      cocaine
      orm_adapter (~> 0.5.0)
    climate_control (0.2.0)
    cocaine (0.5.8)
      climate_control (>= 0.0.3, < 1.0)
    cocoon (1.2.11)
    coderay (1.1.2)
    coffee-rails (4.1.1)
      coffee-script (>= 2.2.0)
      railties (>= 4.0.0, < 5.1.x)
    coffee-script (2.4.1)
      coffee-script-source
      execjs
    coffee-script-source (1.12.2)
    colorize (0.8.1)
    concurrent-ruby (1.0.5)
    connection_pool (2.2.1)
    crass (1.0.4)
    css_parser (1.6.0)
      addressable
    cucumber (3.0.1)
      builder (>= 2.1.2)
      cucumber-core (~> 3.0.0)
      cucumber-expressions (~> 4.0.3)
      cucumber-wire (~> 0.0.1)
      diff-lcs (~> 1.3)
      gherkin (~> 4.0)
      multi_json (>= 1.7.5, < 2.0)
      multi_test (>= 0.1.2)
    cucumber-core (3.0.0)
      backports (>= 3.8.0)
      cucumber-tag_expressions (>= 1.0.1)
      gherkin (>= 4.1.3)
    cucumber-expressions (4.0.4)
    cucumber-rails (1.5.0)
      capybara (>= 1.1.2, < 3)
      cucumber (>= 1.3.8, < 4)
      mime-types (>= 1.17, < 4)
      nokogiri (~> 1.5)
      railties (>= 4, < 5.2)
    cucumber-tag_expressions (1.1.1)
    cucumber-wire (0.0.1)
    dalli (2.7.8)
    data_migrate (3.5.0)
      rails (>= 4.1)
    database_cleaner (1.6.2)
    debug_inspector (0.0.3)
    deep_cloneable (2.3.2)
      activerecord (>= 3.1.0, < 6)
    deface (1.3.0)
      nokogiri (~> 1.6)
      polyglot
      rails (>= 4.1)
      rainbow (>= 2.1.0)
    devise (3.5.10)
      bcrypt (~> 3.0)
      orm_adapter (~> 0.1)
      railties (>= 3.2.6, < 5)
      responders
      thread_safe (~> 0.1)
      warden (~> 1.2.3)
    devise_security_extension (0.10.0)
      devise (>= 3.0.0, < 4.0)
      railties (>= 3.2.6, < 5.0)
    diff-lcs (1.3)
    docile (1.1.5)
    domain_name (0.5.20180417)
      unf (>= 0.0.5, < 1.0.0)
    down (4.4.0)
    draper (2.1.0)
      actionpack (>= 3.0)
      activemodel (>= 3.0)
      activesupport (>= 3.0)
      request_store (~> 1.0)
    ember-data-source (2.0.1)
      ember-source (>= 1.8, < 3.0)
    ember-rails (0.16.4)
      active_model_serializers
      barber (>= 0.6.0)
      ember-data-source (>= 1.0.0.beta.5)
      ember-source (>= 1.1.0)
      execjs (>= 1.2)
      handlebars-source (> 1.0.0, < 3)
      jquery-rails (>= 1.0.17)
      railties (>= 3.1)
    ember-source (1.8.1)
      handlebars-source (~> 1.0)
    enumerate_it (1.7.0)
      activesupport (>= 3.0.0)
    enumerize (0.10.1)
      activesupport (>= 3.2)
    erubis (2.7.0)
    et-orbi (1.1.0)
      tzinfo
    ethon (0.11.0)
      ffi (>= 1.3.0)
    exception_handler (0.7.7.0)
      bundler
      rails (>= 4.2.0)
      responders
    execjs (2.7.0)
    factory_bot (4.8.2)
      activesupport (>= 3.0.0)
    factory_bot_rails (4.8.2)
      factory_bot (~> 4.8.2)
      railties (>= 3.0.0)
    faraday (0.12.2)
      multipart-post (>= 1.2, < 3)
    faraday_middleware (0.12.2)
      faraday (>= 0.7.4, < 1.0)
    fcm (0.0.2)
      httparty
      json
    ffi (1.9.23)
    figaro (1.1.1)
      thor (~> 0.14)
    font-awesome-sass (4.2.2)
      sass (~> 3.2)
    foreman (0.84.0)
      thor (~> 0.19.1)
    gcm (0.1.1)
      httparty
      json
    geocoder (1.4.7)
    get_process_mem (0.2.1)
    gherkin (4.1.3)
    globalid (0.4.1)
      activesupport (>= 4.2.0)
    globalize (5.0.0)
      activemodel (>= 4.2.0, < 4.3)
      activerecord (>= 4.2.0, < 4.3)
    globalize-accessors (0.2.1)
      globalize (~> 5.0, >= 5.0.0)
    gmaps4rails (2.1.2)
    goldiloader (2.1.0)
      activerecord (>= 4.2, < 5.3)
      activesupport (>= 4.2, < 5.3)
    gon (5.2.3)
      actionpack (>= 2.3.0)
      json
      multi_json
      request_store (>= 1.0.5)
    gritter (1.2.0)
    gyoku (1.3.1)
      builder (>= 2.1.2)
    handlebars (0.6.0)
      handlebars-source (~> 1.3.0)
      therubyracer (~> 0.12.0)
    handlebars-source (1.3.0)
    hashie (3.5.7)
    highline (1.7.10)
    hike (1.2.3)
    htmlentities (4.3.4)
    http-cookie (1.0.3)
      domain_name (~> 0.5)
    httparty (0.16.2)
      multi_xml (>= 0.5.2)
    httpi (2.4.3)
      rack
      socksify
    i18n (0.9.5)
      concurrent-ruby (~> 1.0)
    jasmine-core (2.99.2)
    jasmine-rails (0.14.7)
      jasmine-core (>= 1.3, < 3.0)
      phantomjs (>= 1.9)
      railties (>= 3.2.0)
      sprockets-rails
    jquery-fileupload-rails (0.4.7)
      actionpack (>= 3.1)
      railties (>= 3.1)
      sass (>= 3.2)
    jquery-rails (4.3.3)
      rails-dom-testing (>= 1, < 3)
      railties (>= 4.2.0)
      thor (>= 0.14, < 2.0)
    jquery-ui-themes (0.0.12)
      httparty
    json (1.8.6)
    jwt (1.5.6)
    launchy (2.4.3)
      addressable (~> 2.3)
    letter_opener (1.6.0)
      launchy (~> 2.2)
    libv8 (3.16.14.19)
    lograge (0.7.1)
      actionpack (>= 4, < 5.2)
      activesupport (>= 4, < 5.2)
      railties (>= 4, < 5.2)
      request_store (~> 1.0)
    loofah (2.2.2)
      crass (~> 1.0.2)
      nokogiri (>= 1.5.9)
    macaddr (1.7.1)
      systemu (~> 2.6.2)
    mail (2.7.0)
      mini_mime (>= 0.1.1)
    method_source (0.9.0)
    mime-types (1.25.1)
    mimemagic (0.3.0)
    mini_mime (1.0.0)
    mini_portile2 (2.3.0)
    minitest (5.11.3)
    mixpanel_client (4.1.6)
      typhoeus
    msgpack (1.2.4)
    multi_json (1.13.1)
    multi_test (0.1.2)
    multi_xml (0.6.0)
    multipart-post (2.0.0)
    net-scp (1.2.1)
      net-ssh (>= 2.6.5)
    net-sftp (2.1.2)
      net-ssh (>= 2.6.5)
    net-ssh (4.2.0)
    net-ssh-gateway (2.0.0)
      net-ssh (>= 4.0.0)
    netrc (0.11.0)
    nokogiri (1.8.2)
      mini_portile2 (~> 2.3.0)
    nori (2.6.0)
    oauth2 (1.4.0)
      faraday (>= 0.8, < 0.13)
      jwt (~> 1.0)
      multi_json (~> 1.3)
      multi_xml (~> 0.5)
      rack (>= 1.2, < 3)
    oj (3.5.1)
    omniauth (1.4.3)
      hashie (>= 1.2, < 4)
      rack (>= 1.6.2, < 3)
    omniauth-azure-activedirectory (1.0.0)
      jwt (~> 1.5)
      omniauth (~> 1.1)
    omniauth-google-oauth2 (0.2.10)
      addressable (~> 2.3)
      jwt (~> 1.0)
      multi_json (~> 1.3)
      omniauth (>= 1.1.1)
      omniauth-oauth2 (~> 1.3.1)
    omniauth-oauth2 (1.3.1)
      oauth2 (~> 1.0)
      omniauth (~> 1.2)
    orm_adapter (0.5.0)
    paper_trail (3.0.9)
      activerecord (>= 3.0, < 5.0)
      activesupport (>= 3.0, < 5.0)
    paperclip (4.3.7)
      activemodel (>= 3.2.0)
      activesupport (>= 3.2.0)
      cocaine (~> 0.5.5)
      mime-types
      mimemagic (= 0.3.0)
    paperclip-azure (1.0.4)
      addressable (~> 2.5)
      azure (~> 0.7)
      azure-storage (~> 0.12)
      hashie (~> 3.5)
    parallel (1.11.2)
    paranoia (2.4.1)
      activerecord (>= 4.0, < 5.3)
    pg (0.20.0)
    phantomjs (2.1.1.0)
    polyamorous (1.1.0)
      activerecord (>= 3.0)
    polyglot (0.3.5)
    premailer (1.11.1)
      addressable
      css_parser (>= 1.6.0)
      htmlentities (>= 4.0.0)
    premailer-rails (1.9.7)
      actionmailer (>= 3, < 6)
      premailer (~> 1.7, >= 1.7.9)
    pretender (0.2.1)
      actionpack
    pry (0.11.3)
      coderay (~> 1.1.0)
      method_source (~> 0.9.0)
    pry-byebug (3.4.3)
      byebug (>= 9.0, < 9.1)
      pry (~> 0.10)
    pry-remote (0.1.8)
      pry (~> 0.9)
      slop (~> 3.0)
    pry-stack_explorer (0.4.9.2)
      binding_of_caller (>= 0.7)
      pry (>= 0.9.11)
    public_suffix (3.0.2)
    puma (3.11.4)
    puma_worker_killer (0.1.0)
      get_process_mem (~> 0.2)
      puma (>= 2.7, < 4)
    rabl (0.11.8)
      activesupport (>= 2.3.14)
    rack (1.6.9)
    rack-protection (1.5.5)
      rack
    rack-test (0.6.3)
      rack (>= 1.0)
    rack-timeout (0.4.2)
    rack-utf8_sanitizer (1.5.0)
      rack (>= 1.0, < 3.0)
    rails (4.2.10)
      actionmailer (= 4.2.10)
      actionpack (= 4.2.10)
      actionview (= 4.2.10)
      activejob (= 4.2.10)
      activemodel (= 4.2.10)
      activerecord (= 4.2.10)
      activesupport (= 4.2.10)
      bundler (>= 1.3.0, < 2.0)
      railties (= 4.2.10)
      sprockets-rails
    rails-deprecated_sanitizer (1.0.3)
      activesupport (>= 4.2.0.alpha)
    rails-dom-testing (1.0.9)
      activesupport (>= 4.2.0, < 5.0)
      nokogiri (~> 1.6)
      rails-deprecated_sanitizer (>= 1.0.1)
    rails-html-sanitizer (1.0.4)
      loofah (~> 2.2, >= 2.2.2)
    rails_email_validator (0.1.4)
      activemodel (>= 3.0.0)
    railties (4.2.10)
      actionpack (= 4.2.10)
      activesupport (= 4.2.10)
      rake (>= 0.8.7)
      thor (>= 0.18.1, < 2.0)
    rainbow (3.0.0)
    rake (10.5.0)
    ransack (1.6.5)
      actionpack (>= 3.0)
      activerecord (>= 3.0)
      activesupport (>= 3.0)
      i18n
      polyamorous (~> 1.1)
    rdoc (6.0.3)
    redis (3.3.5)
    redis-session-store (0.9.2)
      actionpack (>= 3, < 5.2)
      redis (~> 3)
    ref (2.0.0)
    remote_syslog_logger (1.0.3)
      syslog_protocol
    remotipart (1.2.1)
    request_store (1.4.1)
      rack (>= 1.4)
    responders (2.4.0)
      actionpack (>= 4.2.0, < 5.3)
      railties (>= 4.2.0, < 5.3)
    rest-client (1.8.0)
      http-cookie (>= 1.0.2, < 2.0)
      mime-types (>= 1.16, < 3.0)
      netrc (~> 0.7)
    rgeo (0.6.0)
    rgeo-activerecord (4.0.5)
      activerecord (~> 4.2)
      rgeo (~> 0.3)
    rqrcode (0.10.1)
      chunky_png (~> 1.0)
    rspec-core (3.7.1)
      rspec-support (~> 3.7.0)
    rspec-expectations (3.7.0)
      diff-lcs (>= 1.2.0, < 2.0)
      rspec-support (~> 3.7.0)
    rspec-mocks (3.7.0)
      diff-lcs (>= 1.2.0, < 2.0)
      rspec-support (~> 3.7.0)
    rspec-rails (3.7.2)
      actionpack (>= 3.0)
      activesupport (>= 3.0)
      railties (>= 3.0)
      rspec-core (~> 3.7.0)
      rspec-expectations (~> 3.7.0)
      rspec-mocks (~> 3.7.0)
      rspec-support (~> 3.7.0)
    rspec-support (3.7.1)
    rubyzip (1.2.1)
    rufus-scheduler (3.4.2)
      et-orbi (~> 1.0)
    run_cl (1.2.0)
    rvm-capistrano (1.5.6)
      capistrano (~> 2.15.4)
    sass (3.2.19)
    sass-rails (4.0.5)
      railties (>= 4.0.0, < 5.0)
      sass (~> 3.2.2)
      sprockets (~> 2.8, < 3.0)
      sprockets-rails (~> 2.0)
    savon (2.8.0)
      akami (~> 1.2)
      builder (>= 2.1.2)
      gyoku (~> 1.2)
      httpi (~> 2.3)
      nokogiri (>= 1.4.0)
      nori (~> 2.4)
      uuid (~> 2.3.7)
      wasabi (= 3.3.0)
    scout_apm (2.3.5)
    sdoc (1.0.0)
      rdoc (>= 5.0)
    select2-rails (3.5.10)
      thor (~> 0.14)
    shoulda-matchers (3.1.2)
      activesupport (>= 4.0.0)
    sidekiq (4.2.10)
      concurrent-ruby (~> 1.0)
      connection_pool (~> 2.2, >= 2.2.0)
      rack-protection (>= 1.5.0)
      redis (~> 3.2, >= 3.2.1)
    sidekiq-cron (0.6.3)
      rufus-scheduler (>= 3.3.0)
      sidekiq (>= 4.2.1)
    sidekiq-history (0.0.9)
      sidekiq (>= 3.0.0)
    simple_form (3.1.1)
      actionpack (~> 4.0)
      activemodel (~> 4.0)
    simplecov (0.15.1)
      docile (~> 1.1.0)
      json (>= 1.8, < 3)
      simplecov-html (~> 0.10.0)
    simplecov-html (0.10.2)
    sinatra (1.4.8)
      rack (~> 1.5)
      rack-protection (~> 1.4)
      tilt (>= 1.3, < 3)
    slack-notifier (2.3.2)
    slim (3.0.9)
      temple (>= 0.7.6, < 0.9)
      tilt (>= 1.3.3, < 2.1)
    slim-rails (3.1.3)
      actionpack (>= 3.1)
      railties (>= 3.1)
      slim (~> 3.0)
    slop (3.6.0)
    socksify (1.7.1)
    spring (2.0.2)
      activesupport (>= 4.2)
    sprockets (2.12.4)
      hike (~> 1.2)
      multi_json (~> 1.0)
      rack (~> 1.0)
      tilt (~> 1.1, != 1.3.0)
    sprockets-rails (2.3.3)
      actionpack (>= 3.0)
      activesupport (>= 3.0)
      sprockets (>= 2.8, < 4.0)
    sqlite3 (1.3.13)
    squeel (1.2.3)
      activerecord (>= 3.0)
      activesupport (>= 3.0)
      polyamorous (~> 1.1.0)
    staccato (0.5.1)
    state_machines (0.4.0)
    state_machines-activemodel (0.4.1)
      activemodel (>= 4.1, < 5.2)
      state_machines (>= 0.4.0)
    state_machines-activerecord (0.4.1)
      activerecord (>= 4.1, < 5.2)
      state_machines-activemodel (>= 0.3.0)
    store_base_sti_class (0.3.0)
      activerecord (>= 3.0.5)
    syslog_protocol (0.9.2)
    systemu (2.6.5)
    temple (0.8.0)
    therubyracer (0.12.3)
      libv8 (~> 3.16.14.15)
      ref
    thor (0.19.1)
    thread_safe (0.3.6)
    tilt (1.4.1)
    time_diff (0.3.0)
      activesupport
      i18n
    timeliness (0.3.8)
    translated_attribute_value (0.0.6)
      rails (~> 4.1)
    typhoeus (1.3.0)
      ethon (>= 0.9.0)
    tzinfo (1.2.5)
      thread_safe (~> 0.1)
    uglifier (4.1.9)
      execjs (>= 0.3.0, < 3)
    unf (0.1.4)
      unf_ext
    unf_ext (0.0.7.5)
    uniform_notifier (1.11.0)
    uuid (2.3.8)
      macaddr (~> 1.0)
    validates_timeliness (4.0.2)
      timeliness (~> 0.3.7)
    vine (0.4)
    wannabe_bool (0.7.1)
    warden (1.2.7)
      rack (>= 1.0)
    wasabi (3.3.0)
      httpi (~> 2.0)
      mime-types (< 2.0.0)
      nokogiri (>= 1.4.0)
    web-console (2.3.0)
      activemodel (>= 4.0)
      binding_of_caller (>= 0.7.2)
      railties (>= 4.0)
      sprockets-rails (>= 2.0, < 4.0)
    whenever (0.10.0)
      chronic (>= 0.6.3)
    wicked_pdf (1.1.0)
    will_paginate (3.0.12)
    wkhtmltopdf-binary (0.12.3.1)
    xpath (3.0.0)
      nokogiri (~> 1.8)

PLATFORMS
  ruby

DEPENDENCIES
  active_model_serializers (~> 0.9.3)
  activerecord-postgis-adapter (~> 3.1, >= 3.1.5)
  activerecord-session_store (~> 1.1)
  awesome_nested_set (~> 3.0.0.rc.2)
  awesome_print (~> 1.8)
  aws-sdk-v1 (~> 1.67)
  axlsx!
  axlsx_rails
  axlsx_styler (~> 0.1.7)
  barby (~> 0.6.5)
  bootsnap (~> 1.1, >= 1.1.8)
  bootstrap-multiselect-rails
  bootstrap-sass (~> 3.0.3.0)
  bootstrap-slider-rails (~> 1.9)
  browser (~> 2.5, >= 2.5.2)
  bugsnag (~> 5.3, >= 5.3.3)
  bullet (~> 5.6, >= 5.6.1)
  byebug (= 9.0.0)
  cancan (~> 1.6, >= 1.6.10)
  capistrano (~> 2.15.5)
  capistrano-ext
  capistrano-rails (~> 0.0.7)
  capistrano-sidekiq (~> 0.10.0)
  capybara (~> 2.16, >= 2.16.1)
  carmen (~> 1.1)
  chunky_png (~> 1.3, >= 1.3.8)
  ckeditor (= 4.1.6)
  cocoon (~> 1.2, >= 1.2.11)
  coffee-rails (~> 4.1.0)
  colorize (~> 0.8.1)
  cucumber (= 3.0.1)
  cucumber-rails
  dalli (~> 2.7, >= 2.7.6)
  data_migrate (~> 3.3)
  database_cleaner (~> 1.6, >= 1.6.2)
  deep_cloneable (~> 2.3, >= 2.3.1)
  deface (~> 1.2)
  devise (~> 3.5, >= 3.5.10)
  devise_security_extension (~> 0.10.0)
  down (~> 4.1, >= 4.1.1)
  draper (~> 2.1)
  ember-data-source (~> 2.0.0.beta.1)
  ember-rails (~> 0.16.4)
  ember-source (= 1.8.1)
  enumerate_it (~> 1.6, >= 1.6.1)
  enumerize (~> 0.10.1)
  et-orbi (~> 1.0, >= 1.0.8)
  exception_handler (~> 0.7.7.0)
  factory_bot_rails (~> 4.8, >= 4.8.2)
  fcm (~> 0.0.2)
  figaro (~> 1.1, >= 1.1.1)
  font-awesome-sass (~> 4.2.0)
  foreman (~> 0.84.0)
  gcm (~> 0.1.1)
  geocoder (~> 1.4, >= 1.4.4)
  globalize (= 5.0.0)
  globalize-accessors (~> 0.2.1)
  gmaps4rails (~> 2.1, >= 2.1.2)
  goldiloader (~> 2.0, >= 2.0.1)
  gon (~> 5.2, >= 5.2.3)
  gritter (~> 1.0, >= 1.0.2)
  handlebars (~> 0.6.0)
  htmlentities (~> 4.3, >= 4.3.4)
  jasmine-rails (~> 0.14.7)
  jquery-fileupload-rails (~> 0.4.7)
  jquery-rails (~> 4.3, >= 4.3.1)
  jquery-ui-themes (~> 0.0.12)
  letter_opener (~> 1.4, >= 1.4.1)
  lograge (~> 0.7.1)
  mixpanel_client (~> 4.1, >= 4.1.6)
  nokogiri (~> 1.8, >= 1.8.1)
  oj (~> 3.3, >= 3.3.9)
  omniauth (~> 1.4, >= 1.4.2)
  omniauth-azure-activedirectory (~> 1.0)
  omniauth-google-oauth2 (~> 0.2.10)
  paper_trail (~> 3.0.5)
  paperclip (~> 4.3, >= 4.3.7)
  paperclip-azure (~> 1.0, >= 1.0.4)
  parallel (= 1.11.2)
  paranoia (~> 2.2)
  pg (~> 0.20.0)
  polyglot (~> 0.3.5)
  premailer-rails (~> 1.9.0)
  pretender (~> 0.2.1)
  pry-byebug (~> 3.4, >= 3.4.3)
  pry-remote (~> 0.1.8)
  pry-stack_explorer (~> 0.4.9.2)
  puma (~> 3.10)
  puma_worker_killer (~> 0.1.0)
  rabl (~> 0.11.8)
  rack-timeout (~> 0.4.2)
  rack-utf8_sanitizer (~> 1.3, >= 1.3.2)
  rails (~> 4.2.10)
  rails_email_validator (~> 0.1.4)
  ransack (~> 1.6.5, >= 1.6.5)
  redis-session-store (~> 0.9.2)
  remote_syslog_logger (~> 1.0, >= 1.0.3)
  remotipart (~> 1.2, >= 1.2.1)
  rest-client (~> 1.7, >= 1.7.3)
  rgeo (~> 0.6.0)
  rgeo-activerecord (~> 4.0, >= 4.0.5)
  rqrcode (~> 0.10.1)
  rspec-rails (~> 3.7.2)
  rubyzip (~> 1.2, >= 1.2.1)
  rufus-scheduler (~> 3.4, >= 3.4.2)
  run_cl (~> 1.2.0)
  rvm-capistrano (~> 1.5, >= 1.5.6)
  sass-rails (~> 4.0.0)
  savon (= 2.8.0)
  scout_apm (~> 2.3.0, >= 2.3.5)
  sdoc
  select2-rails (~> 3.5, >= 3.5.10)
  shoulda-matchers (~> 3.1, >= 3.1.2)
  sidekiq (~> 4.2, >= 4.2.10)
  sidekiq-cron (~> 0.6.3)
  sidekiq-history (~> 0.0.9)
  simple_form (~> 3.1, >= 3.1.1)
  simplecov (~> 0.15.1)
  sinatra (~> 1.4, >= 1.4.8)
  slack-notifier (~> 2.3, >= 2.3.2)
  slim-rails (~> 3.1, >= 3.1.3)
  spring (~> 2.0, >= 2.0.2)
  sqlite3 (~> 1.3, >= 1.3.13)
  squeel (~> 1.2.3)
  staccato (~> 0.5.1)
  state_machines (= 0.4.0)
  state_machines-activerecord (~> 0.4.1)
  store_base_sti_class (~> 0.3.0)
  thor (= 0.19.1)
  time_diff (~> 0.3.0)
  translated_attribute_value (~> 0.0.6)
  uglifier (>= 1.3.0)
  validates_timeliness (~> 4.0)
  vine (= 0.4)
  wannabe_bool (~> 0.7.0)
  web-console (~> 2.0)
  whenever (~> 0.10.0)
  wicked_pdf (~> 1.1)
  will_paginate (~> 3.0, >= 3.0.12)
  wkhtmltopdf-binary (~> 0.12.3.1)

BUNDLED WITH
   1.16.1
